GEM
  remote: https://rubygems.org/
  specs:
    geocoder (1.1.8)
    haml (4.0.3)
      tilt
    httparty (0.12.0)
      json (~> 1.8)
      multi_xml (>= 0.5.2)
    json (1.8.1)
    multi_xml (0.5.5)
    rack (1.5.2)
    rack-protection (1.5.0)
      rack
    rdiscount (2.1.6)
    shotgun (0.9)
      rack (>= 1.0)
    sinatra (1.4.3)
      rack (~> 1.4)
      rack-protection (~> 1.4)
      tilt (~> 1.3, >= 1.3.4)
    tilt (1.4.1)

PLATFORMS
  ruby

DEPENDENCIES
  geocoder
  haml
  httparty
  rdiscount
  shotgun
  sinatra
